GEM
  remote: https://rubygems.org/
  specs:
    rake (10.5.0)

PLATFORMS
  java

DEPENDENCIES
  rake (~> 10.5.0)
